GEM
  remote: http://rubygems.org/
  specs:
    ZenTest (4.5.0)
    autotest (4.4.6)
      ZenTest (>= 4.4.1)

PLATFORMS
  ruby

DEPENDENCIES
  autotest
