GEM
  remote: http://rubygems.org/
  specs:
    ZenTest (4.5.0)
    autotest (4.4.6)
      ZenTest (>= 4.4.1)
    rake (0.9.2)

PLATFORMS
  ruby

DEPENDENCIES
  autotest
  rake (~> 0.9.2)
